PATH
  remote: .
  specs:
    kumogata-template (0.0.25)
      aws-sdk (~> 2.3)
      kumogata2-plugin-ruby (= 0.1.3)

GEM
  remote: https://rubygems.org/
  specs:
    aws-sdk (2.9.16)
      aws-sdk-resources (= 2.9.16)
    aws-sdk-core (2.9.16)
      aws-sigv4 (~> 1.0)
      jmespath (~> 1.0)
    aws-sdk-resources (2.9.16)
      aws-sdk-core (= 2.9.16)
    aws-sigv4 (1.0.0)
    coderay (1.1.1)
    diffy (3.2.0)
    dslh (0.4.8)
    hashie (3.5.5)
    highline (1.7.8)
    jmespath (1.3.1)
    kumogata2 (0.1.9)
      aws-sdk (>= 2.3.0)
      coderay
      diffy
      hashie
      highline
      term-ansicolor
    kumogata2-plugin-ruby (0.1.3)
      dslh (>= 0.3.7)
      kumogata2
    minitest (5.10.2)
    rake (12.0.0)
    term-ansicolor (1.6.0)
      tins (~> 1.0)
    tins (1.13.2)

PLATFORMS
  ruby

DEPENDENCIES
  bundler
  kumogata-template!
  minitest
  rake

BUNDLED WITH
   1.13.7
